GEM
  remote: https://rubygems.org/
  specs:
    closure-compiler (1.1.14)
    rake (13.0.1)

PLATFORMS
  ruby

DEPENDENCIES
  closure-compiler
  rake

BUNDLED WITH
   2.1.4
